PATH
  remote: .
  specs:
    modularization_statistics (0.0.1)
      code_ownership
      code_teams
      dogapi
      parse_packwerk
      rubocop-packs
      sorbet-runtime

GEM
  remote: https://rubygems.org/
  specs:
    activesupport (7.0.4)
      concurrent-ruby (~> 1.0, >= 1.0.2)
      i18n (>= 1.6, < 2)
      minitest (>= 5.1)
      tzinfo (~> 2.0)
    ast (2.4.2)
    code_ownership (1.28.0)
      code_teams (~> 1.0)
      parse_packwerk
      sorbet-runtime
    code_teams (1.0.0)
      sorbet-runtime
    coderay (1.1.3)
    concurrent-ruby (1.1.10)
    diff-lcs (1.5.0)
    dogapi (1.45.0)
      multi_json
    i18n (1.12.0)
      concurrent-ruby (~> 1.0)
    json (2.6.3)
    method_source (1.0.0)
    minitest (5.16.3)
    multi_json (1.15.0)
    parallel (1.22.1)
    parse_packwerk (0.14.0)
      sorbet-runtime
    parser (3.1.1.0)
      ast (~> 2.4.1)
    pry (0.14.1)
      coderay (~> 1.1)
      method_source (~> 1.0)
    rainbow (3.1.1)
    rake (13.0.6)
    rbi (0.0.14)
      ast
      parser (>= 2.6.4.0)
      sorbet-runtime (>= 0.5.9204)
      unparser
    regexp_parser (2.6.1)
    rexml (3.2.5)
    rspec (3.11.0)
      rspec-core (~> 3.11.0)
      rspec-expectations (~> 3.11.0)
      rspec-mocks (~> 3.11.0)
    rspec-core (3.11.0)
      rspec-support (~> 3.11.0)
    rspec-expectations (3.11.0)
      diff-lcs (>= 1.2.0, < 2.0)
      rspec-support (~> 3.11.0)
    rspec-mocks (3.11.0)
      diff-lcs (>= 1.2.0, < 2.0)
      rspec-support (~> 3.11.0)
    rspec-support (3.11.0)
    rubocop (1.33.0)
      json (~> 2.3)
      parallel (~> 1.10)
      parser (>= 3.1.0.0)
      rainbow (>= 2.2.2, < 4.0)
      regexp_parser (>= 1.8, < 3.0)
      rexml (>= 3.2.5, < 4.0)
      rubocop-ast (>= 1.19.1, < 2.0)
      ruby-progressbar (~> 1.7)
      unicode-display_width (>= 1.4.0, < 3.0)
    rubocop-ast (1.24.0)
      parser (>= 3.1.1.0)
    rubocop-packs (0.0.30)
      activesupport
      parse_packwerk
      rubocop
      rubocop-sorbet
      sorbet-runtime
    rubocop-sorbet (0.6.11)
      rubocop (>= 0.90.0)
    ruby-progressbar (1.11.0)
    sorbet (0.5.9924)
      sorbet-static (= 0.5.9924)
    sorbet-runtime (0.5.9924)
    sorbet-static (0.5.9924-universal-darwin-14)
    sorbet-static (0.5.9924-universal-darwin-15)
    sorbet-static (0.5.9924-universal-darwin-16)
    sorbet-static (0.5.9924-universal-darwin-17)
    sorbet-static (0.5.9924-universal-darwin-18)
    sorbet-static (0.5.9924-universal-darwin-19)
    sorbet-static (0.5.9924-universal-darwin-20)
    sorbet-static (0.5.9924-universal-darwin-21)
    sorbet-static (0.5.9924-x86_64-linux)
    spoom (1.1.11)
      sorbet (>= 0.5.9204)
      sorbet-runtime (>= 0.5.9204)
      thor (>= 0.19.2)
    tapioca (0.7.2)
      bundler (>= 1.17.3)
      pry (>= 0.12.2)
      rbi (~> 0.0.0, >= 0.0.14)
      sorbet-runtime (>= 0.5.9204)
      sorbet-static (>= 0.5.9204)
      spoom (~> 1.1.0, >= 1.1.11)
      thor (>= 1.2.0)
      yard-sorbet
    thor (1.2.1)
    tzinfo (2.0.5)
      concurrent-ruby (~> 1.0)
    unicode-display_width (2.3.0)
    unparser (0.6.4)
      diff-lcs (~> 1.3)
      parser (>= 3.1.0)
    webrick (1.7.0)
    yard (0.9.27)
      webrick (~> 1.7.0)
    yard-sorbet (0.6.1)
      sorbet-runtime (>= 0.5)
      yard (>= 0.9)

PLATFORMS
  arm64-darwin-20
  ruby
  x86_64-darwin-20
  x86_64-linux

DEPENDENCIES
  code_ownership
  modularization_statistics!
  parse_packwerk
  pry
  rake
  rspec (~> 3.0)
  sorbet
  tapioca

BUNDLED WITH
   2.3.8
